PATH
  remote: .
  specs:
    gala (0.4.0)
      openssl (~> 3.0)

GEM
  remote: https://rubygems.org/
  specs:
    minitest (5.17.0)
    openssl (3.1.0)
    rake (13.0.6)

PLATFORMS
  arm64-darwin-22

DEPENDENCIES
  bundler (~> 2.0)
  gala!
  minitest
  rake (~> 13.0)

BUNDLED WITH
   2.4.2
